GEM
  remote: https://rubygems.org/
  specs:
    awesome_print (1.8.0)
    coderay (1.1.2)
    equatable (0.6.1)
    method_source (0.9.2)
    pastel (0.7.3)
      equatable (~> 0.6)
      tty-color (~> 0.5)
    pry (0.12.2)
      coderay (~> 1.1.0)
      method_source (~> 0.9.0)
    tty-color (0.5.0)
    tty-command (0.8.2)
      pastel (~> 0.7.0)

PLATFORMS
  ruby

DEPENDENCIES
  awesome_print
  pry
  tty-command

RUBY VERSION
   ruby 2.6.2p47

BUNDLED WITH
   1.17.2
